GIT
  remote: git://github.com/sinatra/sinatra.git
  revision: 86bc9ac09431b42b95729f591b402a5ea89f1a80
  specs:
    sinatra (1.4.0)
      rack (~> 1.4)
      rack-protection (~> 1.3)
      tilt (~> 1.3, >= 1.3.3)

GEM
  remote: https://rubygems.org/
  specs:
    diff-lcs (1.2.1)
    rack (1.5.2)
    rack-protection (1.3.2)
      rack
    rack-test (0.6.2)
      rack (>= 1.0)
    rspec (2.13.0)
      rspec-core (~> 2.13.0)
      rspec-expectations (~> 2.13.0)
      rspec-mocks (~> 2.13.0)
    rspec-core (2.13.0)
    rspec-expectations (2.13.0)
      diff-lcs (>= 1.1.3, < 2.0)
    rspec-mocks (2.13.0)
    ruby-openid (2.2.3)
    test-unit (2.5.4)
    tilt (1.3.3)

PLATFORMS
  ruby

DEPENDENCIES
  rack-test
  rspec
  ruby-openid
  sinatra!
  test-unit
